GIT
  remote: git://github.com/rails/activerecord-deprecated_finders.git
  revision: fe150f26f009cef370658b7c19db1629b2448952
  specs:
    activerecord-deprecated_finders (0.0.1)

GIT
  remote: git://github.com/rails/arel.git
  revision: e032dabdb2adb34e3db8cd35e9f58bc0536475c1
  specs:
    arel (3.0.2.20120819075748)

GIT
  remote: git://github.com/rails/coffee-rails.git
  revision: 82da9a9997a6602cbe4934e06e6823d0fd85283c
  specs:
    coffee-rails (4.0.0.beta)
      coffee-script (>= 2.2.0)
      railties (>= 4.0.0.beta, < 5.0)

GIT
  remote: git://github.com/rails/journey.git
  revision: 1372f0c608b2fb84bdedaee05c4f3864868cd2e5
  specs:
    journey (2.0.0.20120723141804)

GIT
  remote: git://github.com/rails/rails.git
  revision: 08c4eb5e24f2a6aad3f0af4b9ae18290279d05bf
  specs:
    actionmailer (4.0.0.beta)
      actionpack (= 4.0.0.beta)
      mail (~> 2.4.4)
    actionpack (4.0.0.beta)
      activesupport (= 4.0.0.beta)
      builder (~> 3.0.0)
      erubis (~> 2.7.0)
      journey (~> 2.0.0)
      rack (~> 1.4.1)
      rack-cache (~> 1.2)
      rack-test (~> 0.6.1)
    activemodel (4.0.0.beta)
      activesupport (= 4.0.0.beta)
      builder (~> 3.0.0)
    activerecord (4.0.0.beta)
      activemodel (= 4.0.0.beta)
      activerecord-deprecated_finders (= 0.0.1)
      activesupport (= 4.0.0.beta)
      arel (~> 3.0.2)
    activesupport (4.0.0.beta)
      i18n (~> 0.6)
      minitest (~> 3.2)
      multi_json (~> 1.3)
      tzinfo (~> 0.3.33)
    rails (4.0.0.beta)
      actionmailer (= 4.0.0.beta)
      actionpack (= 4.0.0.beta)
      activerecord (= 4.0.0.beta)
      activesupport (= 4.0.0.beta)
      bundler (~> 1.2)
      railties (= 4.0.0.beta)
      sprockets-rails (~> 1.0)
    railties (4.0.0.beta)
      actionpack (= 4.0.0.beta)
      activesupport (= 4.0.0.beta)
      rake (>= 0.8.7)
      rdoc (~> 3.4)
      thor (>= 0.15.4, < 2.0)

GIT
  remote: git://github.com/rails/sass-rails.git
  revision: 9b60259818a0c5d929d2c6c6e6beb63b4517d972
  specs:
    sass-rails (4.0.0.beta)
      railties (>= 4.0.0.beta, < 5.0)
      sass (>= 3.1.10)
      sprockets-rails (~> 1.0)
      tilt (~> 1.3)

GIT
  remote: git://github.com/rails/sprockets-rails.git
  revision: 9dfc18b9cc8edf2d5bef0b5296dd3b1de7557745
  specs:
    sprockets-rails (1.0.1)
      railties (>= 4.0.0.beta, < 5.0)
      sprockets (~> 2.4)

GIT
  remote: git://github.com/slbug/compass-rails.git
  revision: 2bc5ab9b29e7896a3dd1cd43a120d5ef2b41abef
  branch: stable
  specs:
    compass-rails (1.0.3)
      compass (>= 0.12.2, < 0.14)

GEM
  remote: https://rubygems.org/
  specs:
    builder (3.0.0)
    chunky_png (1.2.6)
    coffee-script (2.2.0)
      coffee-script-source
      execjs
    coffee-script-source (1.3.3)
    compass (0.12.2)
      chunky_png (~> 1.2)
      fssm (>= 0.2.7)
      sass (~> 3.1)
    erubis (2.7.0)
    execjs (1.4.0)
      multi_json (~> 1.0)
    fssm (0.2.9)
    hike (1.2.1)
    i18n (0.6.1)
    jquery-rails (2.1.1)
      railties (>= 3.1.0, < 5.0)
      thor (~> 0.14)
    json (1.7.5)
    mail (2.4.4)
      i18n (>= 0.4.0)
      mime-types (~> 1.16)
      treetop (~> 1.4.8)
    mime-types (1.19)
    minitest (3.3.0)
    modular-scale (1.0.2)
      compass (>= 0.11.5)
      sassy-math (>= 1.2)
    multi_json (1.3.6)
    polyglot (0.3.3)
    rack (1.4.1)
    rack-cache (1.2)
      rack (>= 0.4)
    rack-test (0.6.1)
      rack (>= 1.0)
    rake (0.9.2.2)
    rdoc (3.12)
      json (~> 1.4)
    sass (3.2.1)
    sassy-math (1.2)
      compass (~> 0.11)
    sprockets (2.5.0)
      hike (~> 1.2)
      multi_json (~> 1.0)
      rack (~> 1.0)
      tilt (~> 1.1, != 1.3.0)
    sqlite3 (1.3.6)
    thor (0.16.0)
    tilt (1.3.3)
    treetop (1.4.10)
      polyglot
      polyglot (>= 0.3.1)
    tzinfo (0.3.33)
    uglifier (1.3.0)
      execjs (>= 0.3.0)
      multi_json (~> 1.0, >= 1.0.2)

PLATFORMS
  ruby

DEPENDENCIES
  activerecord-deprecated_finders!
  arel!
  coffee-rails!
  compass-rails!
  journey!
  jquery-rails
  modular-scale
  rails!
  sass-rails!
  sprockets-rails!
  sqlite3
  uglifier (>= 1.0.3)
